GEM
  remote: https://www.rubygems.org/
  specs:
    highline (1.6.16)
    librarian (0.1.0)
      highline
      thor (~> 0.15)
    thor (0.18.1)

PLATFORMS
  ruby

DEPENDENCIES
  librarian
